GEM
  remote: https://rubygems.org/
  specs:
    curses (1.3.2)
    tty-cursor (0.7.1)
    tty-reader (0.8.0)
      tty-cursor (~> 0.7)
      tty-screen (~> 0.8)
      wisper (~> 2.0)
    tty-screen (0.8.1)
    wisper (2.0.1)

PLATFORMS
  ruby

DEPENDENCIES
  curses
  tty-reader

BUNDLED WITH
   2.1.4
